PATH
  remote: .
  specs:
    Twilito (0.1.0)

GEM
  remote: https://rubygems.org/
  specs:
    addressable (2.6.0)
      public_suffix (>= 2.0.2, < 4.0)
    coderay (1.1.2)
    crack (0.4.3)
      safe_yaml (~> 1.0.0)
    hashdiff (0.3.8)
    method_source (0.9.2)
    minitest (5.11.3)
    pry (0.12.2)
      coderay (~> 1.1.0)
      method_source (~> 0.9.0)
    public_suffix (3.0.3)
    rake (10.5.0)
    safe_yaml (1.0.5)
    webmock (3.5.1)
      addressable (>= 2.3.6)
      crack (>= 0.3.2)
      hashdiff

PLATFORMS
  ruby

DEPENDENCIES
  Twilito!
  bundler (~> 2.0)
  minitest (~> 5.11)
  pry
  rake (~> 10.0)
  webmock (~> 3)

RUBY VERSION
   ruby 2.6.1p33

BUNDLED WITH
   2.0.1
