PATH
  remote: .
  specs:
    Twilito (0.1.0)

GEM
  remote: https://rubygems.org/
  specs:
    coderay (1.1.2)
    method_source (0.9.2)
    minitest (5.11.3)
    pry (0.12.2)
      coderay (~> 1.1.0)
      method_source (~> 0.9.0)
    rake (10.5.0)

PLATFORMS
  ruby

DEPENDENCIES
  Twilito!
  bundler (~> 2.0)
  minitest (~> 5.11)
  pry
  rake (~> 10.0)

RUBY VERSION
   ruby 2.6.1p33

BUNDLED WITH
   2.0.1
